GEM
  remote: https://rubygems.org/
  specs:
    ast (2.3.0)
    concurrent-ruby (1.0.5)
    diff-lcs (1.3)
    hike (1.2.3)
    opal (0.11.0)
      ast (>= 2.3.0)
      hike (~> 1.2)
      parser (= 2.3.3.1)
      sourcemap (~> 0.1.0)
    opal-rspec (0.6.1)
      opal (>= 0.10.0, < 0.12)
    opal-sprockets (0.4.1.0.11.0.3.1)
      opal (~> 0.11.0)
      sprockets (~> 3.1)
      tilt (>= 1.4)
    parser (2.3.3.1)
      ast (~> 2.2)
    rack (2.0.3)
    rake (12.3.0)
    rspec (3.7.0)
      rspec-core (~> 3.7.0)
      rspec-expectations (~> 3.7.0)
      rspec-mocks (~> 3.7.0)
    rspec-core (3.7.0)
      rspec-support (~> 3.7.0)
    rspec-expectations (3.7.0)
      diff-lcs (>= 1.2.0, < 2.0)
      rspec-support (~> 3.7.0)
    rspec-mocks (3.7.0)
      diff-lcs (>= 1.2.0, < 2.0)
      rspec-support (~> 3.7.0)
    rspec-support (3.7.0)
    sourcemap (0.1.1)
    sprockets (3.7.1)
      concurrent-ruby (~> 1.0)
      rack (> 1, < 3)
    tilt (2.0.8)

PLATFORMS
  ruby

DEPENDENCIES
  opal
  opal-rspec
  opal-sprockets
  rake
  rspec

BUNDLED WITH
   1.15.4
